GEM
  remote: https://rubygems.org/
  specs:
    espeak-ruby (1.0.3)
    jenkins_api_client (1.4.3)
      json
      mixlib-shellout (>= 1.1.0)
      nokogiri (~> 1.6.0)
      socksify (>= 1.7.0)
      terminal-table (>= 1.4.0)
      thor (>= 0.16.0)
    json (2.0.2)
    mini_portile2 (2.1.0)
    mixlib-shellout (2.2.6)
    nokogiri (1.6.8)
      mini_portile2 (~> 2.1.0)
      pkg-config (~> 1.1.7)
    pkg-config (1.1.7)
    socksify (1.7.0)
    terminal-table (1.6.0)
    thor (0.19.1)

PLATFORMS
  ruby

DEPENDENCIES
  espeak-ruby
  jenkins_api_client

BUNDLED WITH
   1.12.5
